GIT
  remote: git://github.com/mzp/ruboty-misawa.git
  revision: 2cac3c2c15fc90e4d73bd7febaa90099cbdb4285
  specs:
    ruboty-misawa (0.0.1)
      ruboty

GEM
  remote: https://rubygems.org/
  specs:
    activesupport (4.2.3)
      i18n (~> 0.7)
      json (~> 1.7, >= 1.7.7)
      minitest (~> 5.1)
      thread_safe (~> 0.3, >= 0.3.4)
      tzinfo (~> 1.1)
    chrono (0.0.4)
      activesupport
    docomoru (0.1.1)
      activesupport
      faraday
      faraday_middleware
      json
      rack
      slop
    dotenv (2.0.2)
    faraday (0.9.1)
      multipart-post (>= 1.2, < 3)
    faraday_middleware (0.9.1)
      faraday (>= 0.7.4, < 0.10)
    ffi (1.9.6)
    i18n (0.7.0)
    ikku (0.1.4)
      natto
    json (1.8.3)
    mem (0.1.5)
    minitest (5.7.0)
    multipart-post (2.0.0)
    natto (0.9.8)
      ffi (>= 1.9.0)
    rack (1.6.0)
    rake (10.4.2)
    redis (3.2.1)
    redis-namespace (1.5.1)
      redis (~> 3.0, >= 3.0.4)
    ruboty (1.2.2)
      activesupport
      bundler
      dotenv
      mem
      slop
    ruboty-alias (0.0.6)
      ruboty (>= 1.1.1)
    ruboty-cron (0.0.9)
      activesupport
      chrono
      ruboty (>= 0.2.0)
    ruboty-google_image (0.0.7)
      faraday
      faraday_middleware
      ruboty
    ruboty-hitozuma (0.0.3)
      ruboty
    ruboty-kokodeikku (0.0.6)
      ikku (>= 0.1.1)
      ruboty
    ruboty-lgtm (0.0.3)
      faraday
      faraday_middleware
      ruboty
    ruboty-redis (0.0.5)
      redis
      redis-namespace
      ruboty
    ruboty-scorekeeper (0.0.2)
      ruboty
    ruboty-slack (0.1.12)
      ruboty (>= 1.0.4)
      xrc (>= 0.1.8)
    ruboty-talk (0.0.4)
      docomoru (>= 0.0.3)
      ruboty (>= 1.1.0)
    slop (4.2.0)
    thread_safe (0.3.5)
    tzinfo (1.2.2)
      thread_safe (~> 0.1)
    xrc (0.1.8)
      activesupport

PLATFORMS
  ruby

DEPENDENCIES
  rake
  ruboty-alias
  ruboty-cron
  ruboty-google_image
  ruboty-hitozuma
  ruboty-kokodeikku
  ruboty-lgtm
  ruboty-misawa!
  ruboty-redis
  ruboty-scorekeeper
  ruboty-slack
  ruboty-talk

BUNDLED WITH
   1.10.5
